PATH
  remote: .
  specs:
    rake-nlp (0.1.0)

GEM
  remote: https://rubygems.org/
  specs:
    rake (13.0.1)

PLATFORMS
  ruby

DEPENDENCIES
  bundler (~> 1.16)
  rake (~> 13.0)
  rake-nlp!

BUNDLED WITH
   1.16.0
