PATH
  remote: .
  specs:
    raske-nlp (0.1.1)

GEM
  remote: https://rubygems.org/
  specs:
    rake (13.0.3)

PLATFORMS
  ruby

DEPENDENCIES
  bundler (~> 1.16)
  rake (~> 13.0)
  raske-nlp!

BUNDLED WITH
   1.17.3
